GIT
  remote: git://github.com/adelevie/ParseModel.git
  revision: 11a7f4ff1d1374c841ba592e76e9ce6e9fae86fc
  specs:
    ParseModel (0.0.6)

GEM
  remote: https://rubygems.org/
  specs:
    ProMotion (1.1.0)
      methadone
    bubble-wrap (1.4.0)
    formotion (1.6)
      bubble-wrap (~> 1.4.0)
      motion-require (~> 0.0.3)
    methadone (1.3.1)
      bundler
    motion-require (0.0.7)
    sugarcube (1.3.5)

PLATFORMS
  ruby

DEPENDENCIES
  ParseModel!
  ProMotion (~> 1.1.0)
  bubble-wrap
  formotion
  sugarcube
